GEM
  remote: https://rubygems.org/
  specs:
    diff-lcs (1.2.5)
    facter (2.4.1-x86-mingw32)
      ffi (~> 1.9.5)
      win32-dir (~> 0.4.8)
      win32-security (~> 0.2.5)
      win32console (~> 1.3.2)
    ffi (1.9.6-x86-mingw32)
    hiera (1.3.4)
      json_pure
    json_pure (1.8.2)
    metaclass (0.0.4)
    minitar (0.5.4)
    mocha (1.1.0)
      metaclass (~> 0.0.1)
    puppet (3.7.4-x86-mingw32)
      facter (> 1.6, < 3)
      ffi (~> 1.9.5)
      hiera (~> 1.0)
      json_pure
      minitar (~> 0.5.4)
      win32-dir (~> 0.4.9)
      win32-eventlog (~> 0.6.1)
      win32-process (~> 0.7.4)
      win32-security (~> 0.2.5)
      win32-service (~> 0.8.6)
      win32console (= 1.3.2)
    puppet-lint (1.1.0)
    puppet-syntax (1.4.1)
      rake
    puppetlabs_spec_helper (0.8.2)
      mocha
      puppet-lint
      puppet-syntax
      rake
      rspec
      rspec-puppet
    rake (10.4.2)
    rspec (2.99.0)
      rspec-core (~> 2.99.0)
      rspec-expectations (~> 2.99.0)
      rspec-mocks (~> 2.99.0)
    rspec-core (2.99.2)
    rspec-expectations (2.99.2)
      diff-lcs (>= 1.1.3, < 2.0)
    rspec-mocks (2.99.3)
    rspec-puppet (2.0.0)
      rspec (~> 2.0)
    win32-dir (0.4.9)
      ffi (>= 1.0.0)
    win32-eventlog (0.6.2)
      ffi
    win32-process (0.7.5)
      ffi (>= 1.0.0)
    win32-security (0.2.5)
      ffi
    win32-service (0.8.6)
      ffi
    win32console (1.3.2-x86-mingw32)

PLATFORMS
  x86-mingw32

DEPENDENCIES
  facter (>= 1.7.0)
  puppet (>= 3.3)
  puppet-lint (>= 0.3.2)
  puppetlabs_spec_helper (>= 0.1.0)
